GEM
  remote: https://rubygems.org/
  specs:
    rack (2.0.1)
    roda (2.16.0)
      rack

PLATFORMS
  ruby

DEPENDENCIES
  roda (= 2.16)

RUBY VERSION
   ruby 2.3.0p0

BUNDLED WITH
   1.13.6
